GEM
  remote: https://rubygems.org/
  specs:
    pg (1.3.5)

PLATFORMS
  x86_64-darwin-21

DEPENDENCIES
  pg

RUBY VERSION
   ruby 3.0.2p107

BUNDLED WITH
   2.2.22
